GEM
  remote: https://rubygems.org/
  specs:
    httparty (0.16.3)
      mime-types (~> 3.0)
      multi_xml (>= 0.5.2)
    mime-types (3.2.2)
      mime-types-data (~> 3.2015)
    mime-types-data (3.2018.0812)
    multi_xml (0.6.0)
    pdf-core (0.7.0)
    prawn (2.2.2)
      pdf-core (~> 0.7.0)
      ttfunk (~> 1.5)
    thinreports (0.10.3)
      prawn (~> 2.2.0)
    ttfunk (1.5.1)

PLATFORMS
  ruby

DEPENDENCIES
  httparty
  thinreports

BUNDLED WITH
   1.16.1
